GEM
  remote: https://rubygems.org/
  specs:
    aasm (5.5.0)
      concurrent-ruby (~> 1.0)
    concurrent-ruby (1.3.4)
    gosu (1.4.6)

PLATFORMS
  arm64-darwin-23
  ruby

DEPENDENCIES
  aasm (~> 5.1, >= 5.1.1)
  gosu (~> 1.4, >= 1.4.6)

RUBY VERSION
   ruby 3.3.5p100

BUNDLED WITH
   2.5.18
